PATH
  remote: .
  specs:
    blacksand (0.0.1)
      bootstrap-datepicker-rails
      bootstrap-kaminari-views
      bootstrap-sass
      bootstrap_form
      enumerize
      font-awesome-rails
      gon
      kaminari
      meta-tags
      nested_form
      rails (>= 4.2.6)
      rails-assets-bootstrap-treeview
      rails-assets-dragula
      rails-assets-eonasdan-bootstrap-datetimepicker
      rails-assets-headroom.js
      rails-assets-html5shiv
      rails-assets-multiselect
      rails-assets-respond
      rails-assets-select2
      rails-assets-util.css
      rails_kindeditor
      ransack
      themes_on_rails

GEM
  remote: https://rubygems.org/
  remote: https://rails-assets.org/
  specs:
    actionmailer (4.2.6)
      actionpack (= 4.2.6)
      actionview (= 4.2.6)
      activejob (= 4.2.6)
      mail (~> 2.5, >= 2.5.4)
      rails-dom-testing (~> 1.0, >= 1.0.5)
    actionpack (4.2.6)
      actionview (= 4.2.6)
      activesupport (= 4.2.6)
      rack (~> 1.6)
      rack-test (~> 0.6.2)
      rails-dom-testing (~> 1.0, >= 1.0.5)
      rails-html-sanitizer (~> 1.0, >= 1.0.2)
    actionview (4.2.6)
      activesupport (= 4.2.6)
      builder (~> 3.1)
      erubis (~> 2.7.0)
      rails-dom-testing (~> 1.0, >= 1.0.5)
      rails-html-sanitizer (~> 1.0, >= 1.0.2)
    activejob (4.2.6)
      activesupport (= 4.2.6)
      globalid (>= 0.3.0)
    activemodel (4.2.6)
      activesupport (= 4.2.6)
      builder (~> 3.1)
    activerecord (4.2.6)
      activemodel (= 4.2.6)
      activesupport (= 4.2.6)
      arel (~> 6.0)
    activesupport (4.2.6)
      i18n (~> 0.7)
      json (~> 1.7, >= 1.7.7)
      minitest (~> 5.1)
      thread_safe (~> 0.3, >= 0.3.4)
      tzinfo (~> 1.1)
    arel (6.0.3)
    autoprefixer-rails (6.3.6.2)
      execjs
    bootstrap-datepicker-rails (1.6.1.1)
      railties (>= 3.0)
    bootstrap-kaminari-views (0.0.5)
      kaminari (>= 0.13)
      rails (>= 3.1)
    bootstrap-sass (3.3.6)
      autoprefixer-rails (>= 5.2.1)
      sass (>= 3.3.4)
    bootstrap_form (2.3.0)
    builder (3.2.2)
    carrierwave (0.11.2)
      activemodel (>= 3.2.0)
      activesupport (>= 3.2.0)
      json (>= 1.7)
      mime-types (>= 1.16)
      mimemagic (>= 0.3.0)
    concurrent-ruby (1.0.2)
    enumerize (1.1.1)
      activesupport (>= 3.2)
    erubis (2.7.0)
    execjs (2.7.0)
    font-awesome-rails (4.6.3.0)
      railties (>= 3.2, < 5.1)
    globalid (0.3.6)
      activesupport (>= 4.1.0)
    gon (6.0.1)
      actionpack (>= 3.0)
      json
      multi_json
      request_store (>= 1.0)
    i18n (0.7.0)
    json (1.8.3)
    kaminari (0.17.0)
      actionpack (>= 3.0.0)
      activesupport (>= 3.0.0)
    loofah (2.0.3)
      nokogiri (>= 1.5.9)
    mail (2.6.4)
      mime-types (>= 1.16, < 4)
    meta-tags (2.1.0)
      actionpack (>= 3.0.0)
    mime-types (3.1)
      mime-types-data (~> 3.2015)
    mime-types-data (3.2016.0521)
    mimemagic (0.3.1)
    mini_magick (4.5.1)
    mini_portile2 (2.0.0)
    minitest (5.9.0)
    multi_json (1.12.1)
    nested_form (0.3.2)
    nokogiri (1.6.7.2)
      mini_portile2 (~> 2.0.0.rc2)
    polyamorous (1.3.0)
      activerecord (>= 3.0)
    rack (1.6.4)
    rack-test (0.6.3)
      rack (>= 1.0)
    rails (4.2.6)
      actionmailer (= 4.2.6)
      actionpack (= 4.2.6)
      actionview (= 4.2.6)
      activejob (= 4.2.6)
      activemodel (= 4.2.6)
      activerecord (= 4.2.6)
      activesupport (= 4.2.6)
      bundler (>= 1.3.0, < 2.0)
      railties (= 4.2.6)
      sprockets-rails
    rails-assets-bootstrap (3.3.6)
      rails-assets-jquery (>= 1.9.1, < 3)
    rails-assets-bootstrap-treeview (1.2.0)
      rails-assets-bootstrap (>= 3.0.0)
      rails-assets-jquery (>= 1.9.0)
    rails-assets-dragula (3.7.1)
    rails-assets-eonasdan-bootstrap-datetimepicker (4.17.37)
      rails-assets-jquery (>= 1.8.3)
      rails-assets-moment (>= 2.9.0)
      rails-assets-moment-timezone (>= 0.4.0)
    rails-assets-headroom.js (0.7.0)
    rails-assets-html5shiv (3.7.3)
    rails-assets-jquery (2.2.4)
    rails-assets-moment (2.13.0)
    rails-assets-moment-timezone (0.5.4)
      rails-assets-moment (>= 2.6.0)
    rails-assets-multiselect (0.9.12)
      rails-assets-jquery (>= 1.7.1)
    rails-assets-respond (1.4.2)
    rails-assets-select2 (4.0.2)
    rails-assets-util.css (0.1.7)
    rails-deprecated_sanitizer (1.0.3)
      activesupport (>= 4.2.0.alpha)
    rails-dom-testing (1.0.7)
      activesupport (>= 4.2.0.beta, < 5.0)
      nokogiri (~> 1.6.0)
      rails-deprecated_sanitizer (>= 1.0.1)
    rails-html-sanitizer (1.0.3)
      loofah (~> 2.0)
    rails_kindeditor (0.4.7)
      carrierwave
      mini_magick
    railties (4.2.6)
      actionpack (= 4.2.6)
      activesupport (= 4.2.6)
      rake (>= 0.8.7)
      thor (>= 0.18.1, < 2.0)
    rake (11.1.2)
    ransack (1.7.0)
      actionpack (>= 3.0)
      activerecord (>= 3.0)
      activesupport (>= 3.0)
      i18n
      polyamorous (~> 1.2)
    request_store (1.3.1)
    sass (3.4.22)
    sprockets (3.6.0)
      concurrent-ruby (~> 1.0)
      rack (> 1, < 3)
    sprockets-rails (3.0.4)
      actionpack (>= 4.0)
      activesupport (>= 4.0)
      sprockets (>= 3.0.0)
    sqlite3 (1.3.11)
    themes_on_rails (0.4.0)
      rails (>= 3.2)
    thor (0.19.1)
    thread_safe (0.3.5)
    tzinfo (1.2.2)
      thread_safe (~> 0.1)

PLATFORMS
  ruby

DEPENDENCIES
  blacksand!
  sqlite3

BUNDLED WITH
   1.11.2
